GEM
  remote: https://rubygems.org/
  specs:
    addressable (2.3.6)
    crack (0.4.2)
      safe_yaml (~> 1.0.0)
    css_parser (1.3.6)
      addressable
    descriptive_statistics (2.5.1)
    diff-lcs (1.2.5)
    dotenv (1.0.2)
    faraday (0.9.1)
      multipart-post (>= 1.2, < 3)
    htmlentities (4.3.1)
    mini_portile (0.6.2)
    multipart-post (2.0.0)
    nokogiri (1.6.6.2)
      mini_portile (~> 0.6.0)
    nokogiri-styles (0.1.2)
      nokogiri
    octokit (3.7.0)
      sawyer (~> 0.6.0, >= 0.5.3)
    premailer (1.8.3)
      css_parser (>= 1.3.6)
      htmlentities (>= 4.0.0, <= 4.3.1)
    rack (1.5.2)
    rack-protection (1.5.3)
      rack
    rack-test (0.6.3)
      rack (>= 1.0)
    reverse_markdown (0.7.0)
      nokogiri
    rspec (3.1.0)
      rspec-core (~> 3.1.0)
      rspec-expectations (~> 3.1.0)
      rspec-mocks (~> 3.1.0)
    rspec-core (3.1.7)
      rspec-support (~> 3.1.0)
    rspec-expectations (3.1.2)
      diff-lcs (>= 1.2.0, < 2.0)
      rspec-support (~> 3.1.0)
    rspec-mocks (3.1.3)
      rspec-support (~> 3.1.0)
    rspec-support (3.1.2)
    safe_yaml (1.0.4)
    sawyer (0.6.0)
      addressable (~> 2.3.5)
      faraday (~> 0.8, < 0.10)
    sinatra (1.4.5)
      rack (~> 1.4)
      rack-protection (~> 1.4)
      tilt (~> 1.3, >= 1.3.4)
    tilt (1.4.1)
    webmock (1.20.4)
      addressable (>= 2.3.6)
      crack (>= 0.3.2)
    word-to-markdown (1.1.1)
      descriptive_statistics (~> 2.5)
      nokogiri-styles (~> 0.1)
      premailer (~> 1.8)
      reverse_markdown (~> 0.6)

PLATFORMS
  ruby

DEPENDENCIES
  dotenv
  octokit
  rack (= 1.5.2)
  rack-test
  rspec
  sinatra
  webmock
  word-to-markdown
