GEM
  remote: https://rubygems.org/
  specs:
    addressable (2.3.6)
    css_parser (1.3.6)
      addressable
    descriptive_statistics (2.5.1)
    dotenv (1.0.2)
    faraday (0.9.1)
      multipart-post (>= 1.2, < 3)
    htmlentities (4.3.1)
    mini_portile (0.6.2)
    multipart-post (2.0.0)
    nokogiri (1.6.6.2)
      mini_portile (~> 0.6.0)
    nokogiri-styles (0.1.2)
      nokogiri
    octokit (3.7.0)
      sawyer (~> 0.6.0, >= 0.5.3)
    premailer (1.8.3)
      css_parser (>= 1.3.6)
      htmlentities (>= 4.0.0, <= 4.3.1)
    rack (1.5.2)
    rack-protection (1.5.3)
      rack
    reverse_markdown (0.7.0)
      nokogiri
    sawyer (0.6.0)
      addressable (~> 2.3.5)
      faraday (~> 0.8, < 0.10)
    sinatra (1.4.5)
      rack (~> 1.4)
      rack-protection (~> 1.4)
      tilt (~> 1.3, >= 1.3.4)
    tilt (1.4.1)
    word-to-markdown (1.1.1)
      descriptive_statistics (~> 2.5)
      nokogiri-styles (~> 0.1)
      premailer (~> 1.8)
      reverse_markdown (~> 0.6)

PLATFORMS
  ruby

DEPENDENCIES
  dotenv
  octokit
  rack (= 1.5.2)
  sinatra
  word-to-markdown
